GEM
  remote: https://rubygems.org/
  specs:
    activemodel (5.1.4)
      activesupport (= 5.1.4)
    activerecord (5.1.4)
      activemodel (= 5.1.4)
      activesupport (= 5.1.4)
      arel (~> 8.0)
    activesupport (5.1.4)
      concurrent-ruby (~> 1.0, >= 1.0.2)
      i18n (~> 0.7)
      minitest (~> 5.1)
      tzinfo (~> 1.1)
    addressable (2.3.8)
    arel (8.0.0)
    bson (4.3.0)
    byebug (9.1.0)
    childprocess (0.8.0)
      ffi (~> 1.0, >= 1.0.11)
    coderay (1.1.2)
    colorize (0.8.1)
    concurrent-ruby (1.0.5)
    diff-lcs (1.3)
    faraday (0.14.0)
      multipart-post (>= 1.2, < 3)
    faraday_middleware (0.13.1)
      faraday (>= 0.7.4, < 1.0)
    ffi (1.11.3)
    gli (2.18.1)
    gruff (0.7.0)
      rmagick (~> 2.13, >= 2.13.4)
    hashie (3.6.0)
    i18n (0.9.3)
      concurrent-ruby (~> 1.0)
    json (2.1.0)
    json-schema (2.5.2)
      addressable (~> 2.3.8)
    kmeans-clusterer (0.11.4)
      narray (~> 0.6)
    method_source (0.9.0)
    minitest (5.11.3)
    mongo (2.5.0)
      bson (>= 4.3.0, < 5.0.0)
    mongoid (6.3.0)
      activemodel (~> 5.1)
      mongo (>= 2.5.0, < 3.0.0)
    multipart-post (2.0.0)
    mustermann (1.0.3)
    narray (0.6.1.2)
    nio4r (2.5.8)
    pry (0.11.3)
      coderay (~> 1.1.0)
      method_source (~> 0.9.0)
    pry-byebug (3.5.1)
      byebug (~> 9.1)
      pry (~> 0.10)
    puma (4.3.11)
      nio4r (~> 2.0)
    rack (2.0.8)
    rack-parser (0.7.0)
      rack
    rack-protection (2.0.2)
      rack
    rack-test (0.8.2)
      rack (>= 1.0, < 3)
    rake (12.0.0)
    recursive-open-struct (1.0.2)
    require_all (1.5.0)
    rmagick (2.16.0)
    rspec (3.7.0)
      rspec-core (~> 3.7.0)
      rspec-expectations (~> 3.7.0)
      rspec-mocks (~> 3.7.0)
    rspec-core (3.7.1)
      rspec-support (~> 3.7.0)
    rspec-expectations (3.7.0)
      diff-lcs (>= 1.2.0, < 2.0)
      rspec-support (~> 3.7.0)
    rspec-mocks (3.7.0)
      diff-lcs (>= 1.2.0, < 2.0)
      rspec-support (~> 3.7.0)
    rspec-support (3.7.1)
    rubyzip (1.3.0)
    selenium-webdriver (3.6.0)
      childprocess (~> 0.5)
      rubyzip (~> 1.0)
    sequel (5.5.0)
    sinatra (2.0.2)
      mustermann (~> 1.0)
      rack (~> 2.0)
      rack-protection (= 2.0.2)
      tilt (~> 2.0)
    slack-ruby-client (0.14.3)
      activesupport
      faraday (>= 0.9)
      faraday_middleware
      gli
      hashie
      websocket-driver
    thread_safe (0.3.6)
    tilt (2.0.10)
    tzinfo (1.2.4)
      thread_safe (~> 0.1)
    unicode-display_width (1.6.0)
    watir (6.10.3)
      selenium-webdriver (~> 3.4, >= 3.4.1)
    websocket-driver (0.7.1)
      websocket-extensions (>= 0.1.0)
    websocket-extensions (0.1.4)

PLATFORMS
  ruby

DEPENDENCIES
  activemodel (= 5.1.4)
  activerecord (= 5.1.4)
  activesupport (= 5.1.4)
  colorize
  faraday
  gruff
  json
  json-schema (= 2.5.2)
  kmeans-clusterer
  mongo
  mongoid
  pry
  pry-byebug
  puma
  rack
  rack-parser
  rack-test
  rake (= 12.0)
  recursive-open-struct (= 1.0.2)
  require_all
  rmagick
  rspec
  selenium-webdriver (~> 3.6.0)
  sequel
  sinatra
  slack-ruby-client
  unicode-display_width (~> 1.0)
  watir

RUBY VERSION
   ruby 2.5.0p0

BUNDLED WITH
   1.17.3
